GEM
  remote: https://rubygems.org/
  specs:
    humanize (1.1.0)
    minitest (5.5.1)
    rack (1.6.0)
    rack-protection (1.5.3)
      rack
    rack-test (0.6.3)
      rack (>= 1.0)
    rake (10.4.2)
    sinatra (1.4.5)
      rack (~> 1.4)
      rack-protection (~> 1.4)
      tilt (~> 1.3, >= 1.3.4)
    sinatra-fix_951 (1.0.2)
      sinatra (= 1.4.5)
    tilt (1.4.1)

PLATFORMS
  ruby

DEPENDENCIES
  humanize
  minitest
  rack
  rack-test
  rake
  sinatra
  sinatra-fix_951
