GIT
  remote: git@github.com:sinatra/sinatra.git
  revision: 911d95a6b0e4671c7ecc4d1cbdb4eba65a178bfe
  specs:
    sinatra (1.4.5)
      rack (~> 1.4)
      rack-protection (~> 1.4)
      tilt (>= 1.3, < 3)

GEM
  remote: https://rubygems.org/
  specs:
    humanize (1.1.0)
    rack (1.6.0)
    rack-protection (1.5.3)
      rack
    rack-test (0.6.3)
      rack (>= 1.0)
    rake (10.4.2)
    tilt (2.0.1)

PLATFORMS
  ruby

DEPENDENCIES
  humanize
  rack
  rack-test
  rake
  sinatra!
